GEM
  remote: https://rubygems.org/
  specs:
    mail (2.7.1)
      mini_mime (>= 0.1.1)
    mini_mime (1.1.2)
    mustermann (1.1.2)
      ruby2_keywords (~> 0.0.1)
    pony (1.13.1)
      mail (>= 2.0)
    rack (2.2.4)
    rack-protection (2.2.1)
      rack
    ruby2_keywords (0.0.5)
    sinatra (2.2.1)
      mustermann (~> 1.0)
      rack (~> 2.2)
      rack-protection (= 2.2.1)
      tilt (~> 2.0)
    sinatra-flash (0.3.0)
      sinatra (>= 1.0.0)
    tilt (2.0.10)

PLATFORMS
  x64-mingw-ucrt
  x64-mingw32

DEPENDENCIES
  pony
  sinatra
  sinatra-flash

BUNDLED WITH
   2.3.18
